GEM
  remote: https://rubygems.org/
  specs:
    gmail (0.7.1)
      gmail_xoauth (>= 0.3.0)
      mail (>= 2.2.1)
    gmail_xoauth (0.4.2)
      oauth (>= 0.3.6)
    json (2.1.0)
    mail (2.7.1)
      mini_mime (>= 0.1.1)
    mini_mime (1.0.1)
    oauth (0.5.4)

PLATFORMS
  ruby

DEPENDENCIES
  gmail
  json

RUBY VERSION
   ruby 2.5.1p57

BUNDLED WITH
   1.16.2
